GEM
  remote: https://rubygems.org/
  specs:
    appium_flutter_finder (0.4.1)
      appium_lib_core (~> 5.0)
    appium_lib_core (5.1.0)
      faye-websocket (~> 0.11.0)
      selenium-webdriver (~> 4.0)
    childprocess (4.1.0)
    eventmachine (1.2.7)
    faye-websocket (0.11.1)
      eventmachine (>= 0.12.0)
      websocket-driver (>= 0.5.1)
    minitest (5.15.0)
    rexml (3.2.5)
    rubyzip (2.3.2)
    selenium-webdriver (4.1.0)
      childprocess (>= 0.5, < 5.0)
      rexml (~> 3.2, >= 3.2.5)
      rubyzip (>= 1.2.2)
    websocket-driver (0.7.5)
      websocket-extensions (>= 0.1.0)
    websocket-extensions (0.1.5)

PLATFORMS
  x86_64-darwin-20

DEPENDENCIES
  appium_flutter_finder (~> 0.4)
  appium_lib_core (~> 5.0)
  minitest (~> 5.0)

BUNDLED WITH
   2.3.7
